GEM
  remote: https://rubygems.org/
  specs:
    kgio (2.9.2)
    puma (2.8.1)
      rack (>= 1.1, < 2.0)
    puma (2.8.1-java)
      rack (>= 1.1, < 2.0)
    rack (1.5.2)
    rack-protection (1.5.2)
      rack
    raindrops (0.13.0)
    sinatra (1.4.4)
      rack (~> 1.4)
      rack-protection (~> 1.4)
      tilt (~> 1.3, >= 1.3.4)
    tilt (1.4.1)
    unicorn (4.8.2)
      kgio (~> 2.6)
      rack
      raindrops (~> 0.7)

PLATFORMS
  java
  ruby

DEPENDENCIES
  puma
  sinatra
  unicorn
